GEM
  remote: https://rubygems.org/
  specs:
    dry-cli (0.7.0)

PLATFORMS
  arm64-darwin-20
  x86_64-linux

DEPENDENCIES
  dry-cli

BUNDLED WITH
   2.3.5
